GIT
  remote: https://github.com/work-design/rails_com.git
  revision: d5c50706bd8b546c68feba9e6b3994aa080d1a60
  specs:
    rails_com (1.3.0)
      acme-client
      acts_as_list (>= 1.0)
      closure_tree (>= 7.3)
      default_where (~> 2.2)
      http-form_data (~> 2.3)
      httpx
      kaminari
      money-rails (~> 1.15)
      net-http
      rails (~> 7.0)
      turbo-rails

PATH
  remote: .
  specs:
    rails_design (0.0.1)
      rails

GEM
  remote: https://rubygems.org/
  specs:
    acme-client (2.0.17)
      faraday (>= 1.0, < 3.0.0)
      faraday-retry (>= 1.0, < 3.0.0)
    actioncable (7.1.3.2)
      actionpack (= 7.1.3.2)
      activesupport (= 7.1.3.2)
      nio4r (~> 2.0)
      websocket-driver (>= 0.6.1)
      zeitwerk (~> 2.6)
    actionmailbox (7.1.3.2)
      actionpack (= 7.1.3.2)
      activejob (= 7.1.3.2)
      activerecord (= 7.1.3.2)
      activestorage (= 7.1.3.2)
      activesupport (= 7.1.3.2)
      mail (>= 2.7.1)
      net-imap
      net-pop
      net-smtp
    actionmailer (7.1.3.2)
      actionpack (= 7.1.3.2)
      actionview (= 7.1.3.2)
      activejob (= 7.1.3.2)
      activesupport (= 7.1.3.2)
      mail (~> 2.5, >= 2.5.4)
      net-imap
      net-pop
      net-smtp
      rails-dom-testing (~> 2.2)
    actionpack (7.1.3.2)
      actionview (= 7.1.3.2)
      activesupport (= 7.1.3.2)
      nokogiri (>= 1.8.5)
      racc
      rack (>= 2.2.4)
      rack-session (>= 1.0.1)
      rack-test (>= 0.6.3)
      rails-dom-testing (~> 2.2)
      rails-html-sanitizer (~> 1.6)
    actiontext (7.1.3.2)
      actionpack (= 7.1.3.2)
      activerecord (= 7.1.3.2)
      activestorage (= 7.1.3.2)
      activesupport (= 7.1.3.2)
      globalid (>= 0.6.0)
      nokogiri (>= 1.8.5)
    actionview (7.1.3.2)
      activesupport (= 7.1.3.2)
      builder (~> 3.1)
      erubi (~> 1.11)
      rails-dom-testing (~> 2.2)
      rails-html-sanitizer (~> 1.6)
    activejob (7.1.3.2)
      activesupport (= 7.1.3.2)
      globalid (>= 0.3.6)
    activemodel (7.1.3.2)
      activesupport (= 7.1.3.2)
    activerecord (7.1.3.2)
      activemodel (= 7.1.3.2)
      activesupport (= 7.1.3.2)
      timeout (>= 0.4.0)
    activestorage (7.1.3.2)
      actionpack (= 7.1.3.2)
      activejob (= 7.1.3.2)
      activerecord (= 7.1.3.2)
      activesupport (= 7.1.3.2)
      marcel (~> 1.0)
    activesupport (7.1.3.2)
      base64
      bigdecimal
      concurrent-ruby (~> 1.0, >= 1.0.2)
      connection_pool (>= 2.2.5)
      drb
      i18n (>= 1.6, < 2)
      minitest (>= 5.1)
      mutex_m
      tzinfo (~> 2.0)
    acts_as_list (1.1.0)
      activerecord (>= 4.2)
    base64 (0.2.0)
    bigdecimal (3.1.8)
    builder (3.2.4)
    closure_tree (7.4.0)
      activerecord (>= 4.2.10)
      with_advisory_lock (>= 4.0.0)
    concurrent-ruby (1.2.3)
    connection_pool (2.4.1)
    crass (1.0.6)
    date (3.3.4)
    debug (1.9.2)
      irb (~> 1.10)
      reline (>= 0.3.8)
    default_where (2.2.0)
      activerecord (>= 4.0.0)
    drb (2.2.1)
    erubi (1.12.0)
    faraday (2.9.0)
      faraday-net_http (>= 2.0, < 3.2)
    faraday-net_http (3.1.0)
      net-http
    faraday-retry (2.2.1)
      faraday (~> 2.0)
    globalid (1.2.1)
      activesupport (>= 6.1)
    http-2-next (1.0.3)
    http-form_data (2.3.0)
    httpx (1.2.5)
      http-2-next (>= 1.0.3)
    i18n (1.14.5)
      concurrent-ruby (~> 1.0)
    io-console (0.7.2)
    irb (1.13.1)
      rdoc (>= 4.0.0)
      reline (>= 0.4.2)
    kaminari (1.2.2)
      activesupport (>= 4.1.0)
      kaminari-actionview (= 1.2.2)
      kaminari-activerecord (= 1.2.2)
      kaminari-core (= 1.2.2)
    kaminari-actionview (1.2.2)
      actionview
      kaminari-core (= 1.2.2)
    kaminari-activerecord (1.2.2)
      activerecord
      kaminari-core (= 1.2.2)
    kaminari-core (1.2.2)
    loofah (2.22.0)
      crass (~> 1.0.2)
      nokogiri (>= 1.12.0)
    mail (2.8.1)
      mini_mime (>= 0.1.1)
      net-imap
      net-pop
      net-smtp
    marcel (1.0.4)
    mini_mime (1.1.5)
    mini_portile2 (2.8.6)
    minitest (5.23.0)
    monetize (1.13.0)
      money (~> 6.12)
    money (6.19.0)
      i18n (>= 0.6.4, <= 2)
    money-rails (1.15.0)
      activesupport (>= 3.0)
      monetize (~> 1.9)
      money (~> 6.13)
      railties (>= 3.0)
    mutex_m (0.2.0)
    net-http (0.4.1)
      uri
    net-imap (0.4.11)
      date
      net-protocol
    net-pop (0.1.2)
      net-protocol
    net-protocol (0.2.2)
      timeout
    net-smtp (0.5.0)
      net-protocol
    nio4r (2.7.3)
    nokogiri (1.16.5)
      mini_portile2 (~> 2.8.2)
      racc (~> 1.4)
    pg (1.5.6)
    psych (5.1.2)
      stringio
    puma (6.4.2)
      nio4r (~> 2.0)
    racc (1.7.3)
    rack (3.0.11)
    rack-session (2.0.0)
      rack (>= 3.0.0)
    rack-test (2.1.0)
      rack (>= 1.3)
    rackup (2.1.0)
      rack (>= 3)
      webrick (~> 1.8)
    rails (7.1.3.2)
      actioncable (= 7.1.3.2)
      actionmailbox (= 7.1.3.2)
      actionmailer (= 7.1.3.2)
      actionpack (= 7.1.3.2)
      actiontext (= 7.1.3.2)
      actionview (= 7.1.3.2)
      activejob (= 7.1.3.2)
      activemodel (= 7.1.3.2)
      activerecord (= 7.1.3.2)
      activestorage (= 7.1.3.2)
      activesupport (= 7.1.3.2)
      bundler (>= 1.15.0)
      railties (= 7.1.3.2)
    rails-dom-testing (2.2.0)
      activesupport (>= 5.0.0)
      minitest
      nokogiri (>= 1.6)
    rails-html-sanitizer (1.6.0)
      loofah (~> 2.21)
      nokogiri (~> 1.14)
    railties (7.1.3.2)
      actionpack (= 7.1.3.2)
      activesupport (= 7.1.3.2)
      irb
      rackup (>= 1.0.0)
      rake (>= 12.2)
      thor (~> 1.0, >= 1.2.2)
      zeitwerk (~> 2.6)
    rake (13.2.1)
    rdoc (6.6.3.1)
      psych (>= 4.0.0)
    reline (0.5.7)
      io-console (~> 0.5)
    stringio (3.1.0)
    thor (1.3.1)
    timeout (0.4.1)
    turbo-rails (2.0.5)
      actionpack (>= 6.0.0)
      activejob (>= 6.0.0)
      railties (>= 6.0.0)
    tzinfo (2.0.6)
      concurrent-ruby (~> 1.0)
    uri (0.13.0)
    webrick (1.8.1)
    websocket-driver (0.7.6)
      websocket-extensions (>= 0.1.0)
    websocket-extensions (0.1.5)
    with_advisory_lock (5.1.0)
      activerecord (>= 6.1)
      zeitwerk (>= 2.6)
    zeitwerk (2.6.14)

PLATFORMS
  ruby

DEPENDENCIES
  debug
  pg
  puma
  rails
  rails_com!
  rails_design!

CHECKSUMS
  acme-client (2.0.17) sha256=ee54f5b7a896bcc9fe3d2a360e0fcf62c5f99b1f47e0134170cde07413828265
  actioncable (7.1.3.2) sha256=e162ce4094368e86237cbf8345cc78c2c7cf1fddaf5d8aacf86428d32cf9d145
  actionmailbox (7.1.3.2) sha256=2493fe676720b6f82a7f0c0396b7ebc41e08ca2abbf5e9c3c9cd11f68bb3b8a9
  actionmailer (7.1.3.2) sha256=dab3ad5df3053c24e68c96d88394a3d9d45090dbd3f0c9b2d68b43d78aed5504
  actionpack (7.1.3.2) sha256=b8f958d5d77e17b0fcbcd21f03eedac0405b0bf17421479be38529cf4a263b58
  actiontext (7.1.3.2) sha256=ece807199490521c8d7c8048899fdd110951073c04bf38883b6d3193bcd3c52a
  actionview (7.1.3.2) sha256=369b1a33764017d017623622a33b6be007c7c0de3d1a4f1e9676466e3b5909cf
  activejob (7.1.3.2) sha256=d2a90501e8b8697eac541c1cf9aa23ac330d40dc4f5b7fb87cdf17d336f7f221
  activemodel (7.1.3.2) sha256=108e5262f96333c694e0fdba0209de5beeec1084b9a947940c259450f45d715c
  activerecord (7.1.3.2) sha256=4872900c3340948e2fc92ea08397034eaacd8cec1760ed7704975a116cc78173
  activestorage (7.1.3.2) sha256=283777f15a5ae2519ccf2a573968fa7afaea02d24b90cd6e0c23f77331069727
  activesupport (7.1.3.2) sha256=ad8445b7ae4a6d3acc5f88c8c5f437eb0b54062032aaf44856c7b6d3855b8b2e
  acts_as_list (1.1.0) sha256=06d4c4de6a1014a58b0eb2c832f51b7593df6ae547199e510a392205c31bab61
  base64 (0.2.0) sha256=0f25e9b21a02a0cc0cea8ef92b2041035d39350946e8789c562b2d1a3da01507
  bigdecimal (3.1.8) sha256=a89467ed5a44f8ae01824af49cbc575871fa078332e8f77ea425725c1ffe27be
  builder (3.2.4) sha256=99caf08af60c8d7f3a6b004029c4c3c0bdaebced6c949165fe98f1db27fbbc10
  closure_tree (7.4.0) sha256=e39171bbe35de3c06898c3caf2d2949bba2d379aa78fc1a03c1c63f165c1d2b5
  concurrent-ruby (1.2.3) sha256=82fdd3f8a0816e28d513e637bb2b90a45d7b982bdf4f3a0511722d2e495801e2
  connection_pool (2.4.1) sha256=0f40cf997091f1f04ff66da67eabd61a9fe0d4928b9a3645228532512fab62f4
  crass (1.0.6) sha256=dc516022a56e7b3b156099abc81b6d2b08ea1ed12676ac7a5657617f012bd45d
  date (3.3.4) sha256=971f2cb66b945bcbea4ddd9c7908c9400b31a71bc316833cb42fa584b59d3291
  debug (1.9.2) sha256=48e026c0852c7a10c60263e2e527968308958e266231e36d64e3efcabec7e7fc
  default_where (2.2.0) sha256=77f54769256ad5d961c44a6dd88d8d485a1c4487a549d2c178da9101f6fed0a0
  drb (2.2.1) sha256=e9d472bf785f558b96b25358bae115646da0dbfd45107ad858b0bc0d935cb340
  erubi (1.12.0) sha256=27bedb74dfb1e04ff60674975e182d8ca787f2224f2e8143268c7696f42e4723
  faraday (2.9.0) sha256=1aa114507006eed6779a726b932d5cc12f5f6053984a19a3403539306b0e0be3
  faraday-net_http (3.1.0) sha256=1627be414960d0131691190ff524506ba6607402a50fb6eccda9e64ca60f859f
  faraday-retry (2.2.1) sha256=4146fed14549c0580bf14591fca419a40717de0dd24f267a8ec2d9a728677608
  globalid (1.2.1) sha256=70bf76711871f843dbba72beb8613229a49429d1866828476f9c9d6ccc327ce9
  http-2-next (1.0.3) sha256=7df55ef84e9a66f71b260c497414983a3ba787e0d92cc38391a70fe63f5d5fc5
  http-form_data (2.3.0) sha256=cc4eeb1361d9876821e31d7b1cf0b68f1cf874b201d27903480479d86448a5f3
  httpx (1.2.5) sha256=8a291a68cd6eafdbce30d7e64f957853abfcab978ee158afea46e35312fbeb9d
  i18n (1.14.5) sha256=26dcbc05e364b57e27ab430148b3377bc413987d34cc042336271d8f42e9d1b9
  io-console (0.7.2) sha256=f0dccff252f877a4f60d04a4dc6b442b185ebffb4b320ab69212a92b48a7a221
  irb (1.13.1) sha256=aa552f30b33f15615cff4ca8d04bace0bdd442777efb5187d9a621707889f292
  kaminari (1.2.2) sha256=c4076ff9adccc6109408333f87b5c4abbda5e39dc464bd4c66d06d9f73442a3e
  kaminari-actionview (1.2.2) sha256=1330f6fc8b59a4a4ef6a549ff8a224797289ebf7a3a503e8c1652535287cc909
  kaminari-activerecord (1.2.2) sha256=0dd3a67bab356a356f36b3b7236bcb81cef313095365befe8e98057dd2472430
  kaminari-core (1.2.2) sha256=3bd26fec7370645af40ca73b9426a448d09b8a8ba7afa9ba3c3e0d39cdbb83ff
  loofah (2.22.0) sha256=10d76e070c86b12fec74b6a9515fd1940f4459198b991342d0a7897d86c372fe
  mail (2.8.1) sha256=ec3b9fadcf2b3755c78785cb17bc9a0ca9ee9857108a64b6f5cfc9c0b5bfc9ad
  marcel (1.0.4) sha256=0d5649feb64b8f19f3d3468b96c680bae9746335d02194270287868a661516a4
  mini_mime (1.1.5) sha256=8681b7e2e4215f2a159f9400b5816d85e9d8c6c6b491e96a12797e798f8bccef
  mini_portile2 (2.8.6) sha256=4e2ab09b924906fd42c0b6eb72816db6a435d0404e9cbdcc5d722c133b493991
  minitest (5.23.0) sha256=4c488e69b6a0a8bece496bfde92e39fb806f3d786eb935d55864b4dc927639a0
  monetize (1.13.0) sha256=0c1f8ae28aa21bbf1a6d014138d9bb0a5ce756c1a99b8b7f7d409c258b01d3b3
  money (6.19.0) sha256=ec936fa1e42f2783719241ed9fd52725d0efa628f928feea1eb5c37d5de7daf3
  money-rails (1.15.0) sha256=cace7c3af76a0685747f57b96fdb321a4d966294e0a11b51f8e28c3ac08e4903
  mutex_m (0.2.0) sha256=b6ef0c6c842ede846f2ec0ade9e266b1a9dac0bc151682b04835e8ebd54840d5
  net-http (0.4.1) sha256=a96efc5ea18bcb9715e24dda4159d10f67ff0345c8a980d04630028055b2c282
  net-imap (0.4.11) sha256=ac8140736df32ed87ff4155189b6ae3d846e2101be794ba657d269c5aefa17f8
  net-pop (0.1.2) sha256=848b4e982013c15b2f0382792268763b748cce91c9e91e36b0f27ed26420dff3
  net-protocol (0.2.2) sha256=aa73e0cba6a125369de9837b8d8ef82a61849360eba0521900e2c3713aa162a8
  net-smtp (0.5.0) sha256=5fc0415e6ea1cc0b3dfea7270438ec22b278ca8d524986a3ae4e5ae8d087b42a
  nio4r (2.7.3) sha256=54b94cdd4b8f9dc39aaad5f699e97afae13efb44f2b180a6e724df76105ff604
  nokogiri (1.16.5) sha256=ec36162c68984fa0a90a5c4ae7ab7759460639e716cc1ce75f34c3cb54158ad2
  pg (1.5.6) sha256=4bc3ad2438825eea68457373555e3fd4ea1a82027b8a6be98ef57c0d57292b1c
  psych (5.1.2) sha256=337322f58fc2bf24827d2b9bd5ab595f6a72971867d151bb39980060ea40a368
  puma (6.4.2) sha256=3eb41999d00733280be3faeb00d610331b6965a537a8cd3d905f316c38575b44
  racc (1.7.3) sha256=b785ab8a30ec43bce073c51dbbe791fd27000f68d1c996c95da98bf685316905
  rack (3.0.11) sha256=a08473678160760d9085ebe14508a42add18cde4217107b4b1aa01c8f14ff98c
  rack-session (2.0.0) sha256=db04b2063e180369192a9046b4559af311990af38c6a93d4c600cee4eb6d4e81
  rack-test (2.1.0) sha256=0c61fc61904049d691922ea4bb99e28004ed3f43aa5cfd495024cc345f125dfb
  rackup (2.1.0) sha256=6ecb884a581990332e45ee17bdfdc14ccbee46c2f710ae1566019907869a6c4d
  rails (7.1.3.2) sha256=2d787a65e87b70ee65f9d1cb644aaa5bb80eea12298982f474da949772c1bfa0
  rails-dom-testing (2.2.0) sha256=e515712e48df1f687a1d7c380fd7b07b8558faa26464474da64183a7426fa93b
  rails-html-sanitizer (1.6.0) sha256=86e9f19d2e6748890dcc2633c8945ca45baa08a1df9d8c215ce17b3b0afaa4de
  rails_com (1.3.0)
  rails_design (0.0.1)
  railties (7.1.3.2) sha256=59fcd55cbfb90044ea4c3e9fdea2cf5687385c138cacc4a258a46508b7d36510
  rake (13.2.1) sha256=46cb38dae65d7d74b6020a4ac9d48afed8eb8149c040eccf0523bec91907059d
  rdoc (6.6.3.1) sha256=39f7b749229ab5ad9d21c81586151c1dd7a549fa8be4070ee09b524f9c656345
  reline (0.5.7) sha256=1f632a0703fd7d5f3a29d0167395b13e1b59ffa78c2bda077f8b2f26f9b8341b
  stringio (3.1.0) sha256=c1f6263ae03a15025e51194ab19b06b15e06adcaaedb7f5f6c06ab60f5d67718
  thor (1.3.1) sha256=fa7e3471d4f6a27138e3d9c9b0d4daac9c3d7383927667ae83e9ab42ae7401ef
  timeout (0.4.1) sha256=6f1f4edd4bca28cffa59501733a94215407c6960bd2107331f0280d4abdebb9a
  turbo-rails (2.0.5) sha256=cef775349c24734e52937997c2c4582a95966b3f81a173a9bcf037074a766229
  tzinfo (2.0.6) sha256=8daf828cc77bcf7d63b0e3bdb6caa47e2272dcfaf4fbfe46f8c3a9df087a829b
  uri (0.13.0) sha256=26553c2a9399762e1e8bebd4444b4361c4b21298cf1c864b22eeabc9c4998f24
  webrick (1.8.1) sha256=19411ec6912911fd3df13559110127ea2badd0c035f7762873f58afc803e158f
  websocket-driver (0.7.6) sha256=f69400be7bc197879726ad8e6f5869a61823147372fd8928836a53c2c741d0db
  websocket-extensions (0.1.5) sha256=1c6ba63092cda343eb53fc657110c71c754c56484aad42578495227d717a8241
  with_advisory_lock (5.1.0) sha256=0692cd82013b271c59aa5e1f603b741ab94926dbce098990fbace5dd5412fed7
  zeitwerk (2.6.14) sha256=70d8acedc579d87c508f20c31f6e440753014019e0764fb2bf5f42e87054d92b

BUNDLED WITH
   2.5.3
